GEM
  remote: https://rubygems.org/
  specs:
    concurrent-ruby (1.1.5)
    connection_pool (2.2.2)
    rack (2.0.7)
    rack-protection (2.0.7)
      rack
    redis (4.1.2)
    sidekiq (5.2.7)
      connection_pool (~> 2.2, >= 2.2.2)
      rack (>= 1.5.0)
      rack-protection (>= 1.5.0)
      redis (>= 3.3.5, < 5)
    sidekiq-unique-jobs (6.0.13)
      concurrent-ruby (~> 1.0, >= 1.0.5)
      sidekiq (>= 4.0, < 7.0)
      thor (~> 0)
    thor (0.20.3)

PLATFORMS
  ruby

DEPENDENCIES
  sidekiq
  sidekiq-unique-jobs

BUNDLED WITH
   2.0.2
