GEM
  remote: https://rubygems.org/
  specs:
    concurrent-ruby (1.1.5)
    connection_pool (2.2.5)
    rack (2.2.3)
    redis (4.5.1)
    sidekiq (6.4.0)
      connection_pool (>= 2.2.2)
      rack (~> 2.0)
      redis (>= 4.2.0)
    sidekiq-unique-jobs (6.0.13)
      concurrent-ruby (~> 1.0, >= 1.0.5)
      sidekiq (>= 4.0, < 7.0)
      thor (~> 0)
    thor (0.20.3)

PLATFORMS
  ruby

DEPENDENCIES
  sidekiq
  sidekiq-unique-jobs

BUNDLED WITH
   2.0.2
